PATH
  remote: ../drizzt
  specs:
    drizzt (1.0.0)
      algorithms (~> 1.0)

GEM
  remote: https://rubygems.org/
  specs:
    algorithms (1.0.0)
    docile (1.4.0)
    hazard (1.3.4)
    minitest (5.14.4)
    rake (13.0.3)
    simplecov (0.21.2)
      docile (~> 1.1)
      simplecov-html (~> 0.11)
      simplecov_json_formatter (~> 0.1)
    simplecov-html (0.12.3)
    simplecov_json_formatter (0.1.3)

PLATFORMS
  ruby

DEPENDENCIES
  bundler (~> 2.1.4)
  drizzt!
  hazard (~> 1.3.4)
  minitest (~> 5.14.4)
  rake (~> 13.0.3)
  simplecov

BUNDLED WITH
   2.1.4
