PATH
  remote: ../drizzt
  specs:
    drizzt (1.0.0)

GEM
  remote: https://rubygems.org/
  specs:
    hazard (1.3.4)

PLATFORMS
  ruby

DEPENDENCIES
  drizzt!
  hazard

BUNDLED WITH
   2.0.2
