PATH
  remote: ../drizzt
  specs:
    drizzt (1.0.0)
      algorithms (~> 1.0)

GEM
  remote: https://rubygems.org/
  specs:
    algorithms (1.0.0)
    hazard (1.3.4)
    minitest (5.14.4)

PLATFORMS
  ruby

DEPENDENCIES
  drizzt!
  hazard
  minitest

BUNDLED WITH
   2.1.4
